GEM
  remote: https://rubygems.org/
  specs:
    activesupport (6.0.0)
      concurrent-ruby (~> 1.0, >= 1.0.2)
      i18n (>= 0.7, < 2)
      minitest (~> 5.1)
      tzinfo (~> 1.1)
      zeitwerk (~> 2.1, >= 2.1.8)
    addressable (2.8.0)
      public_suffix (>= 2.0.2, < 5.0)
    ast (2.4.0)
    aws-eventstream (1.0.3)
    aws-sdk (2.11.339)
      aws-sdk-resources (= 2.11.339)
    aws-sdk-core (2.11.339)
      aws-sigv4 (~> 1.0)
      jmespath (~> 1.0)
    aws-sdk-resources (2.11.339)
      aws-sdk-core (= 2.11.339)
    aws-sigv4 (1.1.0)
      aws-eventstream (~> 1.0, >= 1.0.2)
    azure_graph_rbac (0.17.1)
      ms_rest_azure (~> 0.11.0)
    azure_mgmt_key_vault (0.17.4)
      ms_rest_azure (~> 0.11.0)
    azure_mgmt_resources (0.17.6)
      ms_rest_azure (~> 0.11.1)
    builder (3.2.3)
    bundle (0.0.1)
      bundler
    coderay (1.1.2)
    concurrent-ruby (1.1.5)
    coolline (0.5.0)
      unicode_utils (~> 1.4)
    crack (0.4.3)
      safe_yaml (~> 1.0.0)
    declarative (0.0.10)
    declarative-option (0.1.0)
    diff-lcs (1.3)
    digest-crc (0.4.1)
    docker-api (1.34.2)
      excon (>= 0.47.0)
      multi_json
    domain_name (0.5.20190701)
      unf (>= 0.0.5, < 1.0.0)
    equatable (0.6.1)
    erubis (2.7.0)
    excon (0.66.0)
    faraday (0.15.4)
      multipart-post (>= 1.2, < 3)
    faraday-cookie_jar (0.0.6)
      faraday (>= 0.7.4)
      http-cookie (~> 1.0.0)
    faraday-http-cache (2.0.0)
      faraday (~> 0.8)
    faraday_middleware (0.12.2)
      faraday (>= 0.7.4, < 1.0)
    ffi (1.11.1)
    github_changelog_generator (1.14.3)
      activesupport
      faraday-http-cache
      multi_json
      octokit (~> 4.6)
      rainbow (>= 2.1)
      rake (>= 10.0)
      retriable (~> 2.1)
    google-api-client (0.23.9)
      addressable (~> 2.5, >= 2.5.1)
      googleauth (>= 0.5, < 0.7.0)
      httpclient (>= 2.8.1, < 3.0)
      mime-types (~> 3.0)
      representable (~> 3.0)
      retriable (>= 2.0, < 4.0)
      signet (~> 0.9)
    google-cloud (0.60.0)
      google-cloud-asset (~> 0.1)
      google-cloud-bigquery (~> 1.1)
      google-cloud-bigquery-data_transfer (~> 0.1)
      google-cloud-bigtable (~> 0.1)
      google-cloud-container (~> 0.1)
      google-cloud-dataproc (~> 0.1)
      google-cloud-datastore (~> 1.4)
      google-cloud-dialogflow (~> 0.1)
      google-cloud-dlp (~> 0.4)
      google-cloud-dns (~> 0.28)
      google-cloud-error_reporting (~> 0.30)
      google-cloud-firestore (~> 0.21)
      google-cloud-kms (~> 1.0)
      google-cloud-language (~> 0.30)
      google-cloud-logging (~> 1.5)
      google-cloud-monitoring (~> 0.28)
      google-cloud-os_login (~> 0.1)
      google-cloud-phishing_protection (~> 0.1)
      google-cloud-pubsub (~> 0.30)
      google-cloud-recaptcha_enterprise (~> 0.1)
      google-cloud-redis (~> 0.2)
      google-cloud-resource_manager (~> 0.29)
      google-cloud-scheduler (~> 1.0)
      google-cloud-security_center (~> 0.1)
      google-cloud-spanner (~> 1.3)
      google-cloud-speech (~> 0.29)
      google-cloud-storage (~> 1.10)
      google-cloud-talent (~> 0.1)
      google-cloud-tasks (~> 1.0)
      google-cloud-text_to_speech (~> 0.1)
      google-cloud-trace (~> 0.31)
      google-cloud-translate (~> 1.2)
      google-cloud-video_intelligence (~> 1.0)
      google-cloud-vision (~> 0.28)
    google-cloud-asset (0.3.0)
      google-gax (~> 1.7)
      grpc-google-iam-v1 (~> 0.6.9)
    google-cloud-bigquery (1.12.0)
      concurrent-ruby (~> 1.0)
      google-api-client (~> 0.23)
      google-cloud-core (~> 1.2)
      googleauth (>= 0.6.2, < 0.10.0)
      mime-types (~> 3.0)
    google-cloud-bigquery-data_transfer (0.2.5)
      google-gax (~> 1.3)
    google-cloud-bigtable (0.5.0)
      google-cloud-core (~> 1.1)
      google-gax (~> 1.7)
      grpc-google-iam-v1 (~> 0.6.9)
    google-cloud-container (0.5.0)
      google-gax (~> 1.7)
    google-cloud-core (1.3.0)
      google-cloud-env (~> 1.0)
    google-cloud-dataproc (0.5.0)
      google-gax (~> 1.7)
    google-cloud-datastore (1.5.5)
      google-cloud-core (~> 1.2)
      google-gax (~> 1.7)
      google-protobuf (~> 3.3)
    google-cloud-dialogflow (0.5.0)
      google-gax (~> 1.7)
      googleapis-common-protos (>= 1.3.9, < 2.0)
    google-cloud-dlp (0.11.0)
      google-gax (~> 1.7)
      googleapis-common-protos (>= 1.3.9, < 2.0)
    google-cloud-dns (0.30.0)
      google-api-client (~> 0.23)
      google-cloud-core (~> 1.2)
      googleauth (>= 0.6.2, < 0.10.0)
      zonefile (~> 1.04)
    google-cloud-env (1.2.0)
      faraday (~> 0.11)
    google-cloud-error_reporting (0.31.7)
      concurrent-ruby (~> 1.1)
      google-cloud-core (~> 1.2)
      google-gax (~> 1.7)
      stackdriver-core (~> 1.3)
    google-cloud-firestore (0.26.2)
      concurrent-ruby (~> 1.0)
      google-cloud-core (~> 1.2)
      google-gax (~> 1.7)
      rbtree (~> 0.4.2)
    google-cloud-kms (1.2.1)
      google-gax (~> 1.7)
      grpc-google-iam-v1 (~> 0.6.9)
    google-cloud-language (0.33.1)
      google-gax (~> 1.7)
      googleapis-common-protos (>= 1.3.9, < 2.0)
    google-cloud-logging (1.7.0)
      concurrent-ruby (~> 1.1)
      google-cloud-core (~> 1.2)
      google-gax (~> 1.7)
      googleapis-common-protos-types (>= 1.0.2)
      stackdriver-core (~> 1.3)
    google-cloud-monitoring (0.31.0)
      google-gax (~> 1.7)
      googleapis-common-protos-types (>= 1.0.2)
    google-cloud-os_login (0.3.1)
      google-gax (~> 1.7)
    google-cloud-phishing_protection (0.2.1)
      google-gax (~> 1.7)
      googleapis-common-protos (>= 1.3.9, < 2.0)
      grpc-google-iam-v1 (~> 0.6.9)
    google-cloud-pubsub (0.38.1)
      concurrent-ruby (~> 1.1)
      google-cloud-core (~> 1.2)
      google-gax (~> 1.7)
      googleapis-common-protos (>= 1.3.9, < 2.0)
      grpc-google-iam-v1 (~> 0.6.9)
    google-cloud-recaptcha_enterprise (0.2.1)
      google-gax (~> 1.7)
      grpc-google-iam-v1 (~> 0.6.9)
    google-cloud-redis (0.5.1)
      google-gax (~> 1.7)
      googleapis-common-protos (>= 1.3.9, < 2.0)
    google-cloud-resource_manager (0.31.1)
      google-api-client (~> 0.23)
      google-cloud-core (~> 1.2)
      googleauth (>= 0.6.2, < 0.10.0)
    google-cloud-scheduler (1.1.1)
      google-gax (~> 1.7)
      googleapis-common-protos (>= 1.3.9, < 2.0)
    google-cloud-security_center (0.3.1)
      google-gax (~> 1.7)
      grpc-google-iam-v1 (~> 0.6.9)
    google-cloud-spanner (1.9.5)
      concurrent-ruby (~> 1.0)
      google-cloud-core (~> 1.2)
      google-gax (~> 1.7)
      grpc-google-iam-v1 (~> 0.6.9)
    google-cloud-speech (0.37.0)
      google-gax (~> 1.7)
    google-cloud-storage (1.16.0)
      digest-crc (~> 0.4)
      google-api-client (~> 0.23)
      google-cloud-core (~> 1.2)
      googleauth (>= 0.6.2, < 0.10.0)
    google-cloud-talent (0.4.0)
      google-gax (~> 1.7)
    google-cloud-tasks (1.1.1)
      google-gax (~> 1.7)
      googleapis-common-protos (>= 1.3.9, < 2.0)
      grpc-google-iam-v1 (~> 0.6.9)
    google-cloud-text_to_speech (0.4.1)
      google-gax (~> 1.7)
    google-cloud-trace (0.35.0)
      concurrent-ruby (~> 1.1)
      google-cloud-core (~> 1.2)
      google-gax (~> 1.7)
      stackdriver-core (~> 1.3)
    google-cloud-translate (1.3.1)
      faraday (~> 0.13)
      google-cloud-core (~> 1.2)
      googleauth (>= 0.6.2, < 0.10.0)
    google-cloud-video_intelligence (1.4.0)
      google-gax (~> 1.7)
    google-cloud-vision (0.35.0)
      google-gax (~> 1.7)
    google-gax (1.7.0)
      google-protobuf (~> 3.2)
      googleapis-common-protos (>= 1.3.5, < 2.0)
      googleauth (>= 0.6.2, < 0.10.0)
      grpc (>= 1.7.2, < 2.0)
      rly (~> 0.2.3)
    google-protobuf (3.9.1)
    googleapis-common-protos (1.3.9)
      google-protobuf (~> 3.0)
      googleapis-common-protos-types (~> 1.0)
      grpc (~> 1.0)
    googleapis-common-protos-types (1.0.4)
      google-protobuf (~> 3.0)
    googleauth (0.6.7)
      faraday (~> 0.12)
      jwt (>= 1.4, < 3.0)
      memoist (~> 0.16)
      multi_json (~> 1.11)
      os (>= 0.9, < 2.0)
      signet (~> 0.7)
    grpc (1.23.0)
      google-protobuf (~> 3.8)
      googleapis-common-protos-types (~> 1.0)
    grpc-google-iam-v1 (0.6.9)
      googleapis-common-protos (>= 1.3.1, < 2.0)
      grpc (~> 1.0)
    gssapi (1.3.0)
      ffi (>= 1.0.1)
    gyoku (1.3.1)
      builder (>= 2.1.2)
    hashdiff (1.0.0)
    hashie (3.6.0)
    htmlentities (4.3.4)
    http-cookie (1.0.3)
      domain_name (~> 0.5)
    httpclient (2.8.3)
    i18n (1.6.0)
      concurrent-ruby (~> 1.0)
    inifile (3.0.0)
    inspec (3.9.3)
      addressable (~> 2.4)
      faraday (>= 0.9.0)
      faraday_middleware (~> 0.12.2)
      hashie (~> 3.4)
      htmlentities
      json (>= 1.8, < 3.0)
      method_source (~> 0.8)
      mixlib-log
      multipart-post
      parallel (~> 1.9)
      parslet (~> 1.5)
      pry (~> 0)
      rspec (~> 3)
      rspec-its (~> 1.2)
      rubyzip (~> 1.2, >= 1.2.2)
      semverse
      sslshake (~> 1.2)
      term-ansicolor
      thor (~> 0.20)
      tomlrb (~> 1.2)
      train (~> 1.5, >= 1.7.2)
      train-habitat (~> 0.1)
      tty-prompt (~> 0.17)
      tty-table (~> 0.10)
    jaro_winkler (1.5.3)
    jmespath (1.4.0)
    json (2.2.0)
    jwt (2.2.1)
    little-plugger (1.1.4)
    logging (2.2.2)
      little-plugger (~> 1.1)
      multi_json (~> 1.10)
    memoist (0.16.0)
    method_source (0.9.2)
    mime-types (3.2.2)
      mime-types-data (~> 3.2015)
    mime-types-data (3.2019.0331)
    minitest (5.11.3)
    mixlib-log (3.0.1)
    mixlib-shellout (3.0.7)
    ms_rest (0.7.4)
      concurrent-ruby (~> 1.0)
      faraday (~> 0.9)
      timeliness (~> 0.3.10)
    ms_rest_azure (0.11.1)
      concurrent-ruby (~> 1.0)
      faraday (~> 0.9)
      faraday-cookie_jar (~> 0.0.6)
      ms_rest (~> 0.7.4)
      unf_ext (= 0.0.7.2)
    multi_json (1.13.1)
    multipart-post (2.1.1)
    necromancer (0.5.0)
    net-scp (1.2.1)
      net-ssh (>= 2.6.5)
    net-ssh (5.2.0)
    nori (2.6.0)
    octokit (4.14.0)
      sawyer (~> 0.8.0, >= 0.5.3)
    os (1.0.1)
    parallel (1.17.0)
    parser (2.6.3.0)
      ast (~> 2.4.0)
    parslet (1.8.2)
    pastel (0.7.3)
      equatable (~> 0.6)
      tty-color (~> 0.5)
    pry (0.12.2)
      coderay (~> 1.1.0)
      method_source (~> 0.9.0)
    pry-coolline (0.2.5)
      coolline (~> 0.5)
    public_suffix (4.0.6)
    rainbow (3.0.0)
    rake (12.3.3)
    rbtree (0.4.2)
    representable (3.0.4)
      declarative (< 0.1.0)
      declarative-option (< 0.2.0)
      uber (< 0.2.0)
    retriable (2.1.0)
    rly (0.2.3)
    rspec (3.8.0)
      rspec-core (~> 3.8.0)
      rspec-expectations (~> 3.8.0)
      rspec-mocks (~> 3.8.0)
    rspec-core (3.8.2)
      rspec-support (~> 3.8.0)
    rspec-expectations (3.8.4)
      diff-lcs (>= 1.2.0, < 2.0)
      rspec-support (~> 3.8.0)
    rspec-its (1.3.0)
      rspec-core (>= 3.0.0)
      rspec-expectations (>= 3.0.0)
    rspec-mocks (3.8.1)
      diff-lcs (>= 1.2.0, < 2.0)
      rspec-support (~> 3.8.0)
    rspec-support (3.8.2)
    rubocop (0.74.0)
      jaro_winkler (~> 1.5.1)
      parallel (~> 1.10)
      parser (>= 2.6)
      rainbow (>= 2.2.2, < 4.0)
      ruby-progressbar (~> 1.7)
      unicode-display_width (>= 1.4.0, < 1.7)
    ruby-progressbar (1.10.1)
    rubyntlm (0.6.2)
    rubyzip (1.2.3)
    safe_yaml (1.0.5)
    sawyer (0.8.2)
      addressable (>= 2.3.5)
      faraday (> 0.8, < 2.0)
    semverse (3.0.0)
    signet (0.11.0)
      addressable (~> 2.3)
      faraday (~> 0.9)
      jwt (>= 1.5, < 3.0)
      multi_json (~> 1.10)
    sslshake (1.3.0)
    stackdriver-core (1.3.4)
      google-cloud-core (~> 1.2)
    strings (0.1.5)
      strings-ansi (~> 0.1)
      unicode-display_width (~> 1.5)
      unicode_utils (~> 1.4)
    strings-ansi (0.1.0)
    term-ansicolor (1.7.1)
      tins (~> 1.0)
    thor (0.20.3)
    thread_safe (0.3.6)
    timeliness (0.3.10)
    tins (1.21.1)
    tomlrb (1.2.8)
    train (1.7.6)
      aws-sdk (~> 2)
      azure_graph_rbac (~> 0.16)
      azure_mgmt_key_vault (~> 0.17)
      azure_mgmt_resources (~> 0.15)
      docker-api (~> 1.26)
      google-api-client (~> 0.23.9)
      googleauth (~> 0.6.6)
      inifile
      json (>= 1.8, < 3.0)
      mixlib-shellout (>= 2.0)
      net-scp (~> 1.2)
      net-ssh (>= 2.9, < 6.0)
      winrm (~> 2.0)
      winrm-fs (~> 1.0)
    train-habitat (0.2.11)
    tty-color (0.5.0)
    tty-cursor (0.7.0)
    tty-prompt (0.19.0)
      necromancer (~> 0.5.0)
      pastel (~> 0.7.0)
      tty-reader (~> 0.6.0)
    tty-reader (0.6.0)
      tty-cursor (~> 0.7)
      tty-screen (~> 0.7)
      wisper (~> 2.0.0)
    tty-screen (0.7.0)
    tty-table (0.11.0)
      equatable (~> 0.6)
      necromancer (~> 0.5)
      pastel (~> 0.7.2)
      strings (~> 0.1.5)
      tty-screen (~> 0.7)
    tzinfo (1.2.5)
      thread_safe (~> 0.1)
    uber (0.1.0)
    unf (0.1.4)
      unf_ext
    unf_ext (0.0.7.2)
    unicode-display_width (1.6.0)
    unicode_utils (1.4.0)
    vcr (5.0.0)
    webmock (3.6.2)
      addressable (>= 2.3.6)
      crack (>= 0.3.2)
      hashdiff (>= 0.4.0, < 2.0.0)
    winrm (2.3.2)
      builder (>= 2.1.2)
      erubis (~> 2.7)
      gssapi (~> 1.2)
      gyoku (~> 1.0)
      httpclient (~> 2.2, >= 2.2.0.2)
      logging (>= 1.6.1, < 3.0)
      nori (~> 2.0)
      rubyntlm (~> 0.6.0, >= 0.6.1)
    winrm-fs (1.3.2)
      erubis (~> 2.7)
      logging (>= 1.6.1, < 3.0)
      rubyzip (~> 1.1)
      winrm (~> 2.0)
    wisper (2.0.0)
    zeitwerk (2.1.9)
    zonefile (1.06)

PLATFORMS
  ruby

DEPENDENCIES
  bundle
  github_changelog_generator
  google-api-client
  google-cloud
  googleauth
  inifile
  inspec (~> 3.0, >= 3.0.25)
  pry-coolline
  rake
  rubocop
  vcr
  webmock

BUNDLED WITH
   2.0.2
